Brain Vision Data Exchange Header File Version 1.0
; Data created by the Vision Recorder

[Common Infos]
Codepage=UTF-8
DataFile=IBS_0010.eeg
MarkerFile=IBS_0010.vmrk
DataFormat=BINARY
; Data orientation: MULTIPLEXED=ch1,pt1, ch2,pt1 ...
DataOrientation=MULTIPLEXED
NumberOfChannels=64
; Sampling interval in microseconds
SamplingInterval=1000

[Binary Infos]
BinaryFormat=INT_16

[Channel Infos]
; Each entry: Ch<Channel number>=<Name>,<Reference channel name>,
; <Resolution in "Unit">,<Unit>, Future extensions..
; Fields are delimited by commas, some fields might be omitted (empty).
; Commas in channel names are coded as "\1".
Ch1=VEOG_b_R,,0.5,µV
Ch2=VEOG_a_R,,0.5,µV
Ch3=F7_R,,0.5,µV
Ch4=F3_R,,0.5,µV
Ch5=Fz_R,,0.5,µV
Ch6=F4_R,,0.5,µV
Ch7=F8_R,,0.5,µV
Ch8=FC5_R,,0.5,µV
Ch9=FC1_R,,0.5,µV
Ch10=FC2_R,,0.5,µV
Ch11=FC6_R,,0.5,µV
Ch12=T7_R,,0.5,µV
Ch13=C3_R,,0.5,µV
Ch14=Cz_R,,0.5,µV
Ch15=C4_R,,0.5,µV
Ch16=T8_R,,0.5,µV
Ch17=HEOG_l_R,,0.5,µV
Ch18=CP5_R,,0.5,µV
Ch19=CP1_R,,0.5,µV
Ch20=CP2_R,,0.5,µV
Ch21=CP6_R,,0.5,µV
Ch22=HEOG_r_R,,0.5,µV
Ch23=P7_R,,0.5,µV
Ch24=P3_R,,0.5,µV
Ch25=Pz_R,,0.5,µV
Ch26=P4_R,,0.5,µV
Ch27=P8_R,,0.5,µV
Ch28=ref_lm_R,,0.5,µV
Ch29=O1_R,,0.5,µV
Ch30=FCz_R,,0.5,µV
Ch31=O2_R,,0.5,µV
Ch32=CPz_R,,0.5,µV
Ch33=VEOG_b_L,,0.5,µV
Ch34=VEOG_a_L,,0.5,µV
Ch35=F7_L,,0.5,µV
Ch36=F3_L,,0.5,µV
Ch37=Fz_L,,0.5,µV
Ch38=F4_L,,0.5,µV
Ch39=F8_L,,0.5,µV
Ch40=FC5_L,,0.5,µV
Ch41=FC1_L,,0.5,µV
Ch42=FC2_L,,0.5,µV
Ch43=FC6_L,,0.5,µV
Ch44=T7_L,,0.5,µV
Ch45=C3_L,,0.5,µV
Ch46=Cz_L,,0.5,µV
Ch47=C4_L,,0.5,µV
Ch48=T8_L,,0.5,µV
Ch49=HEOG_l_L,,0.5,µV
Ch50=CP5_L,,0.5,µV
Ch51=CP1_L,,0.5,µV
Ch52=CP2_L,,0.5,µV
Ch53=CP6_L,,0.5,µV
Ch54=HEOG_r_L,,0.5,µV
Ch55=P7_L,,0.5,µV
Ch56=P3_L,,0.5,µV
Ch57=Pz_L,,0.5,µV
Ch58=P4_L,,0.5,µV
Ch59=P8_L,,0.5,µV
Ch60=ref_lm_L,,0.5,µV
Ch61=O1_L,,0.5,µV
Ch62=FCz_L,,0.5,µV
Ch63=O2_L,,0.5,µV
Ch64=CPz_L,,0.5,µV

[Comment]

BrainVision Recorder Professional   -   V. 1.20.0801


A m p l i f i e r  S e t u p
============================
Number of channels: 64
Sampling Rate [Hz]: 1000
Sampling Interval [µS]: 1000

Channels
--------
#     Name      Phys. Chn.    Resolution / Unit   Low Cutoff [s]   High Cutoff [Hz]   Notch [Hz]    Series Res. [kOhm] Gradient         Offset
1     VEOG_b_R    1                0.5 µV             10             1000              Off                0                 
2     VEOG_a_R    2                0.5 µV             10             1000              Off                0                 
3     F7_R        3                0.5 µV             10             1000              Off                0                 
4     F3_R        4                0.5 µV             10             1000              Off                0                 
5     Fz_R        5                0.5 µV             10             1000              Off                0                 
6     F4_R        6                0.5 µV             10             1000              Off                0                 
7     F8_R        7                0.5 µV             10             1000              Off                0                 
8     FC5_R       8                0.5 µV             10             1000              Off                0                 
9     FC1_R       9                0.5 µV             10             1000              Off                0                 
10    FC2_R       10               0.5 µV             10             1000              Off                0                 
11    FC6_R       11               0.5 µV             10             1000              Off                0                 
12    T7_R        12               0.5 µV             10             1000              Off                0                 
13    C3_R        13               0.5 µV             10             1000              Off                0                 
14    Cz_R        14               0.5 µV             10             1000              Off                0                 
15    C4_R        15               0.5 µV             10             1000              Off                0                 
16    T8_R        16               0.5 µV             10             1000              Off                0                 
17    HEOG_l_R    17               0.5 µV             10             1000              Off                0                 
18    CP5_R       18               0.5 µV             10             1000              Off                0                 
19    CP1_R       19               0.5 µV             10             1000              Off                0                 
20    CP2_R       20               0.5 µV             10             1000              Off                0                 
21    CP6_R       21               0.5 µV             10             1000              Off                0                 
22    HEOG_r_R    22               0.5 µV             10             1000              Off                0                 
23    P7_R        23               0.5 µV             10             1000              Off                0                 
24    P3_R        24               0.5 µV             10             1000              Off                0                 
25    Pz_R        25               0.5 µV             10             1000              Off                0                 
26    P4_R        26               0.5 µV             10             1000              Off                0                 
27    P8_R        27               0.5 µV             10             1000              Off                0                 
28    ref_lm_R    28               0.5 µV             10             1000              Off                0                 
29    O1_R        29               0.5 µV             10             1000              Off                0                 
30    FCz_R       30               0.5 µV             10             1000              Off                0                 
31    O2_R        31               0.5 µV             10             1000              Off                0                 
32    CPz_R       32               0.5 µV             10             1000              Off                0                 
33    VEOG_b_L    33               0.5 µV             10             1000              Off                0                 
34    VEOG_a_L    34               0.5 µV             10             1000              Off                0                 
35    F7_L        35               0.5 µV             10             1000              Off                0                 
36    F3_L        36               0.5 µV             10             1000              Off                0                 
37    Fz_L        37               0.5 µV             10             1000              Off                0                 
38    F4_L        38               0.5 µV             10             1000              Off                0                 
39    F8_L        39               0.5 µV             10             1000              Off                0                 
40    FC5_L       40               0.5 µV             10             1000              Off                0                 
41    FC1_L       41               0.5 µV             10             1000              Off                0                 
42    FC2_L       42               0.5 µV             10             1000              Off                0                 
43    FC6_L       43               0.5 µV             10             1000              Off                0                 
44    T7_L        44               0.5 µV             10             1000              Off                0                 
45    C3_L        45               0.5 µV             10             1000              Off                0                 
46    Cz_L        46               0.5 µV             10             1000              Off                0                 
47    C4_L        47               0.5 µV             10             1000              Off                0                 
48    T8_L        48               0.5 µV             10             1000              Off                0                 
49    HEOG_l_L    49               0.5 µV             10             1000              Off                0                 
50    CP5_L       50               0.5 µV             10             1000              Off                0                 
51    CP1_L       51               0.5 µV             10             1000              Off                0                 
52    CP2_L       52               0.5 µV             10             1000              Off                0                 
53    CP6_L       53               0.5 µV             10             1000              Off                0                 
54    HEOG_r_L    54               0.5 µV             10             1000              Off                0                 
55    P7_L        55               0.5 µV             10             1000              Off                0                 
56    P3_L        56               0.5 µV             10             1000              Off                0                 
57    Pz_L        57               0.5 µV             10             1000              Off                0                 
58    P4_L        58               0.5 µV             10             1000              Off                0                 
59    P8_L        59               0.5 µV             10             1000              Off                0                 
60    ref_lm_L    60               0.5 µV             10             1000              Off                0                 
61    O1_L        61               0.5 µV             10             1000              Off                0                 
62    FCz_L       62               0.5 µV             10             1000              Off                0                 
63    O2_L        63               0.5 µV             10             1000              Off                0                 
64    CPz_L       64               0.5 µV             10             1000              Off                0                 

S o f t w a r e  F i l t e r s
==============================
#     Low Cutoff [s]   High Cutoff [Hz]   Notch [Hz]
1      0.159155         125                Off
2      0.159155         125                Off
3      0.159155         125                Off
4      0.159155         125                Off
5      0.159155         125                Off
6      0.159155         125                Off
7      0.159155         125                Off
8      0.159155         125                Off
9      0.159155         125                Off
10     0.159155         125                Off
11     0.159155         125                Off
12     0.159155         125                Off
13     0.159155         125                Off
14     0.159155         125                Off
15     0.159155         125                Off
16     0.159155         125                Off
17     0.159155         125                Off
18     0.159155         125                Off
19     0.159155         125                Off
20     0.159155         125                Off
21     0.159155         125                Off
22     0.159155         125                Off
23     0.159155         125                Off
24     0.159155         125                Off
25     0.159155         125                Off
26     0.159155         125                Off
27     0.159155         125                Off
28     0.159155         125                Off
29     0.159155         125                Off
30     0.159155         125                Off
31     0.159155         125                Off
32     0.159155         125                Off
33     0.159155         125                Off
34     0.159155         125                Off
35     0.159155         125                Off
36     0.159155         125                Off
37     0.159155         125                Off
38     0.159155         125                Off
39     0.159155         125                Off
40     0.159155         125                Off
41     0.159155         125                Off
42     0.159155         125                Off
43     0.159155         125                Off
44     0.159155         125                Off
45     0.159155         125                Off
46     0.159155         125                Off
47     0.159155         125                Off
48     0.159155         125                Off
49     0.159155         125                Off
50     0.159155         125                Off
51     0.159155         125                Off
52     0.159155         125                Off
53     0.159155         125                Off
54     0.159155         125                Off
55     0.159155         125                Off
56     0.159155         125                Off
57     0.159155         125                Off
58     0.159155         125                Off
59     0.159155         125                Off
60     0.159155         125                Off
61     0.159155         125                Off
62     0.159155         125                Off
63     0.159155         125                Off
64     0.159155         125                Off


No impedance values available at 12:35:04!
